PATH
  remote: engine
  specs:
    engine (1.0.0)
      thor

GEM
  remote: https://rubygems.org/
  specs:
    minitest (5.10.3)
    rake (11.3.0)
    thor (0.20.0)

PLATFORMS
  ruby

DEPENDENCIES
  engine!
  minitest
  rake (~> 11.0)

RUBY VERSION
   ruby 2.3.1p112

BUNDLED WITH
   1.15.4
